GEM
  remote: http://rubygems.org/
  specs:
    addressable (2.2.8)
    af (0.3.18.7)
      addressable (~> 2.2.6)
      interact (~> 0.4.0)
      json_pure (>= 1.5.1, < 1.7.0)
      rb-readline (~> 0.4.2)
      rest-client (>= 1.6.1, < 1.7.0)
      rubyzip (~> 0.9.4)
      terminal-table (~> 1.4.2)
      uuidtools (~> 2.1.0)
    interact (0.4.8)
    json_pure (1.6.7)
    mime-types (1.19)
    rb-readline (0.4.2)
    rest-client (1.6.7)
      mime-types (>= 1.16)
    rubyzip (0.9.9)
    terminal-table (1.4.5)
    uuidtools (2.1.3)

PLATFORMS
  ruby

DEPENDENCIES
  af
